PATH
  remote: .
  specs:
    geckorate (0.1.1)

GEM
  remote: https://rubygems.org/
  specs:
    minitest (5.11.3)
    rake (13.0.1)

PLATFORMS
  ruby

DEPENDENCIES
  bundler (~> 1.16)
  geckorate!
  minitest (~> 5.0)
  rake (~> 13.0)

BUNDLED WITH
   1.16.2
